GEM
  remote: http://gemcutter.org/
  specs:
    capucine (0.0.9)
      coffee-script (= 2.2.0)
      compass (= 0.12.rc.0)
      fssm
      packr
      sass-capucine
      uglifier
    chunky_png (1.2.5)
    coffee-script (2.2.0)
      coffee-script-source
      execjs
    coffee-script-source (1.2.0)
    compass (0.12.rc.0)
      chunky_png (~> 1.2)
      fssm (>= 0.2.7)
      sass (~> 3.1)
    execjs (1.3.0)
      multi_json (~> 1.0)
    foreman (0.40.0)
      term-ansicolor (~> 1.0.7)
      thor (>= 0.13.6)
    fssm (0.2.8.1)
    mime-types (1.16)
    multi_json (1.1.0)
    oyster (0.9.5)
    packr (3.1.1)
      oyster (>= 0.9.5)
    rack (1.4.1)
    rack-protection (1.2.0)
      rack
    rest-client (1.5.1)
      mime-types (>= 1.16)
    sass (3.1.15)
    sass-capucine (0.0.3)
      compass
    sinatra (1.3.2)
      rack (~> 1.3, >= 1.3.6)
      rack-protection (~> 1.2)
      tilt (~> 1.3, >= 1.3.3)
    term-ansicolor (1.0.7)
    thor (0.14.6)
    tilt (1.3.3)
    uglifier (1.2.3)
      execjs (>= 0.3.0)
      multi_json (>= 1.0.2)

PLATFORMS
  ruby

DEPENDENCIES
  capucine
  foreman
  rest-client
  sinatra
