GEM
  remote: http://gemcutter.org/
  specs:
    mime-types (1.16)
    rack (1.4.1)
    rack-protection (1.2.0)
      rack
    rest-client (1.5.1)
      mime-types (>= 1.16)
    sinatra (1.3.2)
      rack (~> 1.3, >= 1.3.6)
      rack-protection (~> 1.2)
      tilt (~> 1.3, >= 1.3.3)
    tilt (1.3.3)

PLATFORMS
  ruby

DEPENDENCIES
  rest-client
  sinatra
